GEM
  remote: https://rubygems.org/
  specs:
    date (3.3.4)
    highline (3.1.1)
      reline
    imap-backup (15.0.2)
      highline
      mail (= 2.7.1)
      net-imap (>= 0.3.2)
      net-smtp
      os
      rake
      thor (~> 1.1)
      thunderbird (= 0.3.0)
    io-console (0.7.2)
    mail (2.7.1)
      mini_mime (>= 0.1.1)
    mini_mime (1.1.5)
    net-imap (0.4.16)
      date
      net-protocol
    net-protocol (0.2.2)
      timeout
    net-smtp (0.5.0)
      net-protocol
    os (1.1.4)
    rake (13.2.1)
    reline (0.5.10)
      io-console (~> 0.5)
    thor (1.3.2)
    thunderbird (0.3.0)
      os
    timeout (0.4.1)

PLATFORMS
  ruby
  x86_64-linux

DEPENDENCIES
  imap-backup

BUNDLED WITH
   2.5.11
