GEM
  remote: https://rubygems.org/
  specs:
    formatador (0.3.0)
    optimist (3.0.1)
    psych (3.3.2)
    rvpacker-ng (1.3.2)
      formatador (= 0.3.0)
      optimist (= 3.0.1)
      psych (= 3.3.2)
      scanf (= 1.0.0)
    scanf (1.0.0)

PLATFORMS
  x86_64-linux

DEPENDENCIES
  rvpacker-ng

BUNDLED WITH
   2.6.6
