GEM
  remote: https://rubygems.org/
  specs:
    cgi (0.4.2)
    charlock_holmes (0.7.9)
    github-linguist (9.1.0)
      cgi
      charlock_holmes (~> 0.7.7)
      mini_mime (~> 1.0)
      rugged (~> 1.0)
    mini_mime (1.1.5)
    rugged (1.9.0)

PLATFORMS
  ruby
  x86_64-linux

DEPENDENCIES
  github-linguist

BUNDLED WITH
   2.5.22
